PATH
  remote: .
  specs:
    active_form_objects (2.1.3)
      activemodel (>= 4.2)
      activerecord (>= 4.2)
      activesupport (>= 4.2)
      method_source (~> 0.9.2)
      ruby2ruby (> 2.4.0)
      ruby_parser (~> 3.1)

GEM
  remote: https://rubygems.org/
  specs:
    activemodel (6.0.3.1)
      activesupport (= 6.0.3.1)
    activerecord (6.0.3.1)
      activemodel (= 6.0.3.1)
      activesupport (= 6.0.3.1)
    activesupport (6.0.3.1)
      concurrent-ruby (~> 1.0, >= 1.0.2)
      i18n (>= 0.7, < 2)
      minitest (~> 5.1)
      tzinfo (~> 1.1)
      zeitwerk (~> 2.2, >= 2.2.2)
    concurrent-ruby (1.1.6)
    i18n (1.8.2)
      concurrent-ruby (~> 1.0)
    metaclass (0.0.4)
    method_source (0.9.2)
    minitest (5.14.1)
    mocha (1.7.0)
      metaclass (~> 0.0.1)
    rake (12.3.1)
    ruby2ruby (2.4.2)
      ruby_parser (~> 3.1)
      sexp_processor (~> 4.6)
    ruby_parser (3.13.0)
      sexp_processor (~> 4.9)
    sexp_processor (4.12.0)
    sqlite3 (1.3.13)
    thread_safe (0.3.6)
    tzinfo (1.2.7)
      thread_safe (~> 0.1)
    zeitwerk (2.3.0)

PLATFORMS
  ruby

DEPENDENCIES
  active_form_objects!
  mocha
  rake
  sqlite3

BUNDLED WITH
   1.17.2
